NUGET
  remote: http://www.nuget.org/api/v2
    Fantomas (2.2)
      FSharp.Compiler.Service (>= 2.0.0.8)
    FSharp.Compiler.Service (5.0)
    FSharp.Core (4.0.0.1) - redirects: on
    FSharp.Management (0.3)
    FSharp.ViewModule.Core (0.9.9.3)
    FSharpLint.Core (0.0.16)
      FSharp.Compiler.Service (>= 2.0.0.8)
    FsPickler (1.5.2)
    FsXaml.Wpf (2.0)
    SourceLink.SymbolStore (0.5)
    VSSDK.IDE.14 (14.0.4-preview)
    VSSDK.IDE.Deploy.14 (14.0.4-preview)
      VSSDK.IDE.14 (>= 14.0.4-preview < 15.0)

GROUP Build
NUGET
  remote: http://www.nuget.org/api/v2
    canopy (0.9.36)
      FSharp.Core (>= 3.0.2)
      Selenium.Support (2.48)
      Selenium.WebDriver (2.48)
      SizSelCsZzz (0.3.36)
    FAKE (4.9.5)
    FSharp.Compiler.Service (0.0.90)
    FSharp.Core (3.1.2.5) - redirects: on
    FSharp.Formatting (2.11)
      FSharp.Compiler.Service (>= 0.0.90 <= 1.3)
      FSharpVSPowerTools.Core (1.9)
    FSharpVSPowerTools.Core (1.9)
      FSharp.Compiler.Service (>= 0.0.90)
    Microsoft.Bcl (1.1.10)
      Microsoft.Bcl.Build (>= 1.0.14)
    Microsoft.Bcl.Build (1.0.21) - import_targets: false
    Microsoft.Net.Http (2.2.29)
      Microsoft.Bcl (>= 1.1.10)
      Microsoft.Bcl.Build (>= 1.0.14)
    Newtonsoft.Json (7.0.1)
    NuGet.CommandLine (2.8.6)
    Octokit (0.16)
      Microsoft.Net.Http
    Selenium.Support (2.48)
      Selenium.WebDriver (>= 2.48)
    Selenium.WebDriver (2.48)
    Selenium.WebDriver.ChromeDriver (2.20)
    SizSelCsZzz (0.3.36)
      Newtonsoft.Json (>= 6.0)
      Selenium.Support (>= 2.40)
      Selenium.WebDriver (>= 2.40)
GITHUB
  remote: fsharp/FAKE
    modules/Octokit/Octokit.fsx (060734077d6eb55a0a86988a39468178b9d8dc19)
      Octokit
GROUP Test
NUGET
  remote: http://www.nuget.org/api/v2
    FAKE (4.9.5)
    Foq (1.7.1)
    FsCheck (2.1)
      FSharp.Core (>= 3.1.2.5)
    FSharp.Compiler.Service.ProjectCracker (2.0.0.3)
    FSharp.Core (3.1.2.5) - redirects: on
    NUnit (2.6.4)
    NUnit.Runners (2.6.4)
